STORAGE: NONE
RESTRICTION: == netcoreapp2.2
NUGET
  remote: https://www.nuget.org/api/v2
    evernote-cloud-sdk-windows (1.0.8)
    FSharp.Core (4.6.2)

GROUP PoC_AzureSpeech
STORAGE: NONE
RESTRICTION: == net472
NUGET
  remote: https://www.nuget.org/api/v2
    FSharp.Azure.StorageTypeProvider (1.9.5)
      WindowsAzure.Storage (>= 7.2.1)
    FSharp.Core (4.6.2)
    FSharp.Data (3.1.1)
      FSharp.Core (>= 4.0.0.1)
    Hopac (0.4.1)
      FSharp.Core (>= 4.5 < 5.0)
    Http.fs (5.3)
      FSharp.Core (>= 4.3.4)
      Hopac (>= 0.3.23)
    Microsoft.Azure.KeyVault.Core (3.0.3)
    Microsoft.CognitiveServices.Speech (1.4.2)
    Newtonsoft.Json (12.0.2)
    System.IO (4.3)
    System.Net.Http (4.3.4)
      System.Security.Cryptography.X509Certificates (>= 4.3)
    System.Runtime (4.3.1)
    System.Security.Cryptography.Algorithms (4.3.1)
      System.IO (>= 4.3)
      System.Runtime (>= 4.3)
      System.Security.Cryptography.Encoding (>= 4.3)
      System.Security.Cryptography.Primitives (>= 4.3)
    System.Security.Cryptography.Encoding (4.3)
    System.Security.Cryptography.Primitives (4.3)
    System.Security.Cryptography.X509Certificates (4.3.2)
      System.Security.Cryptography.Algorithms (>= 4.3)
      System.Security.Cryptography.Encoding (>= 4.3)
    System.ValueTuple (4.5)
    TaskBuilder.fs (2.1)
      FSharp.Core (>= 4.1.17)
      System.ValueTuple (>= 4.4)
    WindowsAzure.Storage (9.3.3)
      Microsoft.Azure.KeyVault.Core (>= 1.0)
      Newtonsoft.Json (>= 10.0.2)

GROUP PoC_AzureStorageTP
STORAGE: NONE
RESTRICTION: == net472
NUGET
  remote: https://www.nuget.org/api/v2
    FSharp.Azure.StorageTypeProvider (2.0.1)
      FSharp.Compiler.Tools (>= 10.2.1)
      WindowsAzure.Storage (>= 9.3.2)
    FSharp.Compiler.Tools (10.2.3)
    FSharp.Core (4.6.2)
    Microsoft.Azure.KeyVault.Core (3.0.3)
    Newtonsoft.Json (12.0.2)
    System.IO (4.3)
    System.Runtime (4.3.1)
    WindowsAzure.Storage (9.3.2)
      Microsoft.Azure.KeyVault.Core (>= 1.0)
      Newtonsoft.Json (>= 10.0.2)

GROUP PoC_Evernote
STORAGE: NONE
RESTRICTION: == net472
NUGET
  remote: https://www.nuget.org/api/v2
    AngleSharp (0.11)
      System.Text.Encoding.CodePages (>= 4.5)
    evernote-cloud-sdk-windows (1.0.8)
      PreMailer.Net (>= 1.2.7)
      SgmlReader (>= 1.8.11)
    FSharp.Core (4.6.2)
    FSharp.Data (3.1.1)
      FSharp.Core (>= 4.0.0.1)
    PreMailer.Net (2.0.1)
      AngleSharp (>= 0.9.11)
    SgmlReader (1.8.11)
    System.Runtime.CompilerServices.Unsafe (4.5.2)
    System.Text.Encoding.CodePages (4.5.1)
      System.Runtime.CompilerServices.Unsafe (>= 4.5.2)
